GEM
  specs:
    amq-protocol (2.0.1)
    bunny (2.3.1)
      amq-protocol (>= 2.0.1)

PLATFORMS
  ruby

DEPENDENCIES
  bunny (>= 2.3.1)

BUNDLED WITH
   1.10.6
